GIT
  remote: git@bitbucket.org:slon-ds/rmpd_adschedule.git
  revision: e6c02f9182210049f404393caff123ec39d036d1
  specs:
    rmpd_adschedule (0.1.5)

GEM
  remote: https://rubygems.org/
  specs:
    actioncable (6.0.0.beta3)
      actionpack (= 6.0.0.beta3)
      nio4r (~> 2.0)
      websocket-driver (>= 0.6.1)
    actionmailbox (6.0.0.beta3)
      actionpack (= 6.0.0.beta3)
      activejob (= 6.0.0.beta3)
      activerecord (= 6.0.0.beta3)
      activestorage (= 6.0.0.beta3)
      activesupport (= 6.0.0.beta3)
      mail (>= 2.7.1)
    actionmailer (6.0.0.beta3)
      actionpack (= 6.0.0.beta3)
      actionview (= 6.0.0.beta3)
      activejob (= 6.0.0.beta3)
      mail (~> 2.5, >= 2.5.4)
      rails-dom-testing (~> 2.0)
    actionpack (6.0.0.beta3)
      actionview (= 6.0.0.beta3)
      activesupport (= 6.0.0.beta3)
      rack (~> 2.0)
      rack-test (>= 0.6.3)
      rails-dom-testing (~> 2.0)
      rails-html-sanitizer (~> 1.0, >= 1.0.2)
    actiontext (6.0.0.beta3)
      actionpack (= 6.0.0.beta3)
      activerecord (= 6.0.0.beta3)
      activestorage (= 6.0.0.beta3)
      activesupport (= 6.0.0.beta3)
      nokogiri (>= 1.8.5)
    actionview (6.0.0.beta3)
      activesupport (= 6.0.0.beta3)
      builder (~> 3.1)
      erubi (~> 1.4)
      rails-dom-testing (~> 2.0)
      rails-html-sanitizer (~> 1.0, >= 1.0.3)
    activejob (6.0.0.beta3)
      activesupport (= 6.0.0.beta3)
      globalid (>= 0.3.6)
    activemodel (6.0.0.beta3)
      activesupport (= 6.0.0.beta3)
    activerecord (6.0.0.beta3)
      activemodel (= 6.0.0.beta3)
      activesupport (= 6.0.0.beta3)
    activestorage (6.0.0.beta3)
      actionpack (= 6.0.0.beta3)
      activerecord (= 6.0.0.beta3)
      marcel (~> 0.3.1)
    activesupport (6.0.0.beta3)
      concurrent-ruby (~> 1.0, >= 1.0.2)
      i18n (>= 0.7, < 2)
      minitest (~> 5.1)
      tzinfo (~> 1.1)
      zeitwerk (~> 1.3, >= 1.3.1)
    addressable (2.6.0)
      public_suffix (>= 2.0.2, < 4.0)
    airbrussh (1.3.1)
      sshkit (>= 1.6.1, != 1.7.0)
    ast (2.4.0)
    awesome_print (1.8.0)
    aws-eventstream (1.0.2)
    aws-partitions (1.145.0)
    aws-sdk-core (3.48.2)
      aws-eventstream (~> 1.0, >= 1.0.2)
      aws-partitions (~> 1.0)
      aws-sigv4 (~> 1.1)
      jmespath (~> 1.0)
    aws-sdk-kms (1.16.0)
      aws-sdk-core (~> 3, >= 3.48.2)
      aws-sigv4 (~> 1.1)
    aws-sdk-s3 (1.34.0)
      aws-sdk-core (~> 3, >= 3.48.2)
      aws-sdk-kms (~> 1)
      aws-sigv4 (~> 1.0)
    aws-sigv4 (1.1.0)
      aws-eventstream (~> 1.0, >= 1.0.2)
    bcrypt (3.1.12)
    brakeman (4.5.0)
    builder (3.2.3)
    capistrano (3.11.0)
      airbrussh (>= 1.0.0)
      i18n
      rake (>= 10.0.0)
      sshkit (>= 1.9.0)
    capistrano-bundler (1.5.0)
      capistrano (~> 3.1)
    capistrano-rails (1.4.0)
      capistrano (~> 3.1)
      capistrano-bundler (~> 1.1)
    capistrano-rails-console (2.3.0)
      capistrano (>= 3.5.0, < 4.0.0)
      sshkit-interactive (~> 0.3.0)
    capistrano-rails-tail-log (0.1.0)
      capistrano (>= 3.0)
      capistrano-rails
    capybara (3.15.0)
      addressable
      mini_mime (>= 0.1.3)
      nokogiri (~> 1.8)
      rack (>= 1.6.0)
      rack-test (>= 0.6.3)
      regexp_parser (~> 1.2)
      xpath (~> 3.2)
    carrierwave (1.3.1)
      activemodel (>= 4.0.0)
      activesupport (>= 4.0.0)
      mime-types (>= 1.16)
    coderay (1.1.2)
    concurrent-ruby (1.1.5)
    connection_pool (2.2.2)
    crass (1.0.4)
    database_cleaner (1.7.0)
    devise (4.6.1)
      bcrypt (~> 3.0)
      orm_adapter (~> 0.1)
      railties (>= 4.1.0, < 6.0)
      responders
      warden (~> 1.2.3)
    devise-async (1.0.0)
      activejob (>= 5.0)
      devise (>= 4.0)
    diff-lcs (1.3)
    erubi (1.8.0)
    et-orbi (1.1.7)
      tzinfo
    factory_bot (5.0.2)
      activesupport (>= 4.2.0)
    factory_bot_rails (5.0.1)
      factory_bot (~> 5.0.0)
      railties (>= 4.2.0)
    faker (1.9.3)
      i18n (>= 0.7)
    fugit (1.1.8)
      et-orbi (~> 1.1, >= 1.1.7)
      raabro (~> 1.1)
    globalid (0.4.2)
      activesupport (>= 4.2.0)
    i18n (1.6.0)
      concurrent-ruby (~> 1.0)
    jaro_winkler (1.5.2)
    jmespath (1.4.0)
    loofah (2.2.3)
      crass (~> 1.0.2)
      nokogiri (>= 1.5.9)
    mail (2.7.1)
      mini_mime (>= 0.1.1)
    marcel (0.3.3)
      mimemagic (~> 0.3.2)
    method_source (0.9.2)
    mime-types (3.2.2)
      mime-types-data (~> 3.2015)
    mime-types-data (3.2018.0812)
    mimemagic (0.3.3)
    mini_mime (1.0.1)
    mini_portile2 (2.4.0)
    minitest (5.11.3)
    multi_json (1.13.1)
    net-scp (2.0.0)
      net-ssh (>= 2.6.5, < 6.0.0)
    net-ssh (5.2.0)
    nio4r (2.3.1)
    nokogiri (1.10.1)
      mini_portile2 (~> 2.4.0)
    orm_adapter (0.5.0)
    parallel (1.14.0)
    parser (2.6.2.0)
      ast (~> 2.4.0)
    pg (1.1.4)
    pry (0.12.2)
      coderay (~> 1.1.0)
      method_source (~> 0.9.0)
    pry-rails (0.3.9)
      pry (>= 0.10.4)
    psych (3.1.0)
    public_suffix (3.0.3)
    puma (3.12.1)
    pundit (2.0.1)
      activesupport (>= 3.0.0)
    raabro (1.1.6)
    rack (2.0.6)
    rack-protection (2.0.5)
      rack
    rack-proxy (0.6.5)
      rack
    rack-test (1.1.0)
      rack (>= 1.0, < 3)
    rails (6.0.0.beta3)
      actioncable (= 6.0.0.beta3)
      actionmailbox (= 6.0.0.beta3)
      actionmailer (= 6.0.0.beta3)
      actionpack (= 6.0.0.beta3)
      actiontext (= 6.0.0.beta3)
      actionview (= 6.0.0.beta3)
      activejob (= 6.0.0.beta3)
      activemodel (= 6.0.0.beta3)
      activerecord (= 6.0.0.beta3)
      activestorage (= 6.0.0.beta3)
      activesupport (= 6.0.0.beta3)
      bundler (>= 1.3.0)
      railties (= 6.0.0.beta3)
      sprockets-rails (>= 2.0.0)
    rails-dom-testing (2.0.3)
      activesupport (>= 4.2.0)
      nokogiri (>= 1.6)
    rails-html-sanitizer (1.0.4)
      loofah (~> 2.2, >= 2.2.2)
    railties (6.0.0.beta3)
      actionpack (= 6.0.0.beta3)
      activesupport (= 6.0.0.beta3)
      method_source
      rake (>= 0.8.7)
      thor (>= 0.20.3, < 2.0)
    rainbow (3.0.0)
    rake (12.3.2)
    redis (4.1.0)
    regexp_parser (1.3.0)
    responders (2.4.1)
      actionpack (>= 4.2.0, < 6.0)
      railties (>= 4.2.0, < 6.0)
    rollbar (2.19.3)
      multi_json
    rspec-core (3.8.0)
      rspec-support (~> 3.8.0)
    rspec-expectations (3.8.2)
      diff-lcs (>= 1.2.0, < 2.0)
      rspec-support (~> 3.8.0)
    rspec-mocks (3.8.0)
      diff-lcs (>= 1.2.0, < 2.0)
      rspec-support (~> 3.8.0)
    rspec-rails (3.8.2)
      actionpack (>= 3.0)
      activesupport (>= 3.0)
      railties (>= 3.0)
      rspec-core (~> 3.8.0)
      rspec-expectations (~> 3.8.0)
      rspec-mocks (~> 3.8.0)
      rspec-support (~> 3.8.0)
    rspec-support (3.8.0)
    rubocop (0.66.0)
      jaro_winkler (~> 1.5.1)
      parallel (~> 1.10)
      parser (>= 2.5, != 2.5.1.1)
      psych (>= 3.1.0)
      rainbow (>= 2.2.2, < 4.0)
      ruby-progressbar (~> 1.7)
      unicode-display_width (>= 1.4.0, < 1.6)
    ruby-progressbar (1.10.0)
    rufus-scheduler (3.5.2)
      fugit (~> 1.1, >= 1.1.5)
    sidekiq (5.2.5)
      connection_pool (~> 2.2, >= 2.2.2)
      rack (>= 1.5.0)
      rack-protection (>= 1.5.0)
      redis (>= 3.3.5, < 5)
    sidekiq-scheduler (3.0.0)
      redis (>= 3, < 5)
      rufus-scheduler (~> 3.2)
      sidekiq (>= 3)
      tilt (>= 1.4.0)
    slack-notifier (2.3.2)
    sprockets (3.7.2)
      concurrent-ruby (~> 1.0)
      rack (> 1, < 3)
    sprockets-rails (3.2.1)
      actionpack (>= 4.0)
      activesupport (>= 4.0)
      sprockets (>= 3.0.0)
    sshkit (1.18.2)
      net-scp (>= 1.1.2)
      net-ssh (>= 2.8.0)
    sshkit-interactive (0.3.0)
      sshkit (~> 1.12)
    super_awesome_print (0.2.5)
      awesome_print
    thor (0.20.3)
    thread_safe (0.3.6)
    tilt (2.0.9)
    typerb (0.1.8)
    tzinfo (1.2.5)
      thread_safe (~> 0.1)
    unicode-display_width (1.5.0)
    warden (1.2.8)
      rack (>= 2.0.6)
    webpacker (4.0.2)
      activesupport (>= 4.2)
      rack-proxy (>= 0.6.1)
      railties (>= 4.2)
    websocket-driver (0.7.0)
      websocket-extensions (>= 0.1.0)
    websocket-extensions (0.1.3)
    xpath (3.2.0)
      nokogiri (~> 1.8)
    zeitwerk (1.4.0)

PLATFORMS
  ruby

DEPENDENCIES
  aws-sdk-s3
  bcrypt
  brakeman
  capistrano-rails
  capistrano-rails-console
  capistrano-rails-tail-log
  capybara
  carrierwave
  database_cleaner
  devise
  devise-async
  factory_bot_rails
  faker
  pg
  pry-rails
  puma
  pundit
  rails (~> 6.0.0.beta3)
  rmpd_adschedule!
  rollbar
  rspec-rails
  rubocop
  sidekiq
  sidekiq-scheduler
  slack-notifier
  super_awesome_print
  typerb
  webpacker

RUBY VERSION
   ruby 2.6.2p47

BUNDLED WITH
   1.17.2
